GEM
  remote: https://rubygems.org/
  specs:
    addressable (2.8.1)
      public_suffix (>= 2.0.2, < 6.0)
    coderay (1.1.3)
    cookiejar (0.3.3)
    daemons (1.4.1)
    em-http-request (1.1.7)
      addressable (>= 2.3.4)
      cookiejar (!= 0.3.1)
      em-socksify (>= 0.3)
      eventmachine (>= 1.0.3)
      http_parser.rb (>= 0.6.0)
    em-socksify (0.3.2)
      eventmachine (>= 1.0.0.beta.4)
    eventmachine (1.2.7)
    faye (1.4.0)
      cookiejar (>= 0.3.0)
      em-http-request (>= 1.1.6)
      eventmachine (>= 0.12.0)
      faye-websocket (>= 0.11.0)
      multi_json (>= 1.0.0)
      rack (>= 1.0.0)
      websocket-driver (>= 0.5.1)
    faye-websocket (0.11.1)
      eventmachine (>= 0.12.0)
      websocket-driver (>= 0.5.1)
    http_parser.rb (0.8.0)
    method_source (1.0.0)
    multi_json (1.15.0)
    mustermann (2.0.2)
      ruby2_keywords (~> 0.0.1)
    pry (0.14.1)
      coderay (~> 1.1)
      method_source (~> 1.0)
    public_suffix (5.0.0)
    rack (2.2.4)
    rack-protection (2.2.2)
      rack
    ruby2_keywords (0.0.5)
    sinatra (2.2.2)
      mustermann (~> 2.0)
      rack (~> 2.2)
      rack-protection (= 2.2.2)
      tilt (~> 2.0)
    thin (1.8.1)
      daemons (~> 1.0, >= 1.0.9)
      eventmachine (~> 1.0, >= 1.0.4)
      rack (>= 1, < 3)
    tilt (2.0.11)
    websocket-driver (0.7.5)
      websocket-extensions (>= 0.1.0)
    websocket-extensions (0.1.5)

PLATFORMS
  arm64-darwin-21

DEPENDENCIES
  faye
  pry
  rack
  sinatra
  thin

BUNDLED WITH
   2.3.19
